GEM
  remote: http://rubygems.org/
  specs:
    activemodel (3.2.11)
      activesupport (= 3.2.11)
      builder (~> 3.0.0)
    activesupport (3.2.11)
      i18n (~> 0.6)
      multi_json (~> 1.0)
    backports (2.6.5)
    bson (1.8.3)
    bson_ext (1.8.3)
      bson (~> 1.8.3)
    builder (3.0.4)
    chronic (0.9.1)
    cssmin (1.0.2)
    eventmachine (1.0.0)
    faraday (0.8.4)
      multipart-post (~> 1.1)
    i18n (0.6.1)
    jsmin (1.0.1)
    json (1.7.6)
    mongo (1.8.3)
      bson (~> 1.8.3)
    mongo_mapper (0.12.0)
      activemodel (~> 3.0)
      activesupport (~> 3.0)
      plucky (~> 0.5.2)
    multi_json (1.5.0)
    multipart-post (1.1.5)
    nokogiri (1.5.6)
    plucky (0.5.2)
      mongo (~> 1.5)
    rack (1.4.3)
    rack-protection (1.3.2)
      rack
    rack-test (0.6.2)
      rack (>= 1.0)
    sinatra (1.3.3)
      rack (~> 1.3, >= 1.3.6)
      rack-protection (~> 1.2)
      tilt (~> 1.3, >= 1.3.3)
    sinatra-contrib (1.3.2)
      backports (>= 2.0)
      eventmachine
      rack-protection
      rack-test
      sinatra (~> 1.3.0)
      tilt (~> 1.3)
    sinatra-flash (0.3.0)
      sinatra (>= 1.0.0)
    tilt (1.3.3)
    xml-simple (1.1.2)

PLATFORMS
  ruby

DEPENDENCIES
  bson_ext (~> 1.8.2)
  chronic
  cssmin
  faraday
  jsmin
  json
  mongo (~> 1.8.2)
  mongo_mapper
  nokogiri
  sinatra
  sinatra-contrib
  sinatra-flash
  xml-simple
